GEM
  remote: https://rubygems.org/
  specs:
    addressable (2.5.2)
      public_suffix (>= 2.0.2, < 4.0)
    amq-protocol (2.3.0)
    ansi (1.5.0)
    bosh-template (2.0.0)
      semi_semantic (~> 1.2.0)
    bunny (2.9.2)
      amq-protocol (~> 2.3.0)
    byebug (10.0.0)
    capybara (2.7.1)
      addressable
      mime-types (>= 1.16)
      nokogiri (>= 1.3.3)
      rack (>= 1.0.0)
      rack-test (>= 0.5.4)
      xpath (~> 2.0)
    capybara-webkit (1.11.1)
      capybara (>= 2.3.0, < 2.8.0)
      json
    chronic (0.10.2)
    coderay (1.1.2)
    diff-lcs (1.3)
    effin_utf8 (1.0)
    faraday (0.13.1)
      multipart-post (>= 1.2, < 3)
    faraday_middleware (0.12.2)
      faraday (>= 0.7.4, < 1.0)
    hashie (3.5.7)
    httparty (0.16.0)
      multi_xml (>= 0.5.2)
    json (2.1.0)
    method_source (0.9.0)
    mime-types (3.1)
      mime-types-data (~> 3.2015)
    mime-types-data (3.2016.0521)
    mini_portile2 (2.3.0)
    mqtt (0.5.0)
    multi_json (1.13.1)
    multi_xml (0.6.0)
    multipart-post (2.0.0)
    nokogiri (1.8.2)
      mini_portile2 (~> 2.3.0)
    papertrail (0.10.4)
      ansi (~> 1.5)
      chronic (~> 0.10)
    pry (0.11.3)
      coderay (~> 1.1.0)
      method_source (~> 0.9.0)
    pry-byebug (3.6.0)
      byebug (~> 10.0)
      pry (~> 0.10)
    public_suffix (3.0.2)
    rabbitmq_http_api_client (1.9.1)
      effin_utf8 (~> 1.0.0)
      faraday (~> 0.13.0)
      faraday_middleware (~> 0.12.0)
      hashie (~> 3.5)
      multi_json (~> 1.12)
    rack (2.0.4)
    rack-test (0.8.2)
      rack (>= 1.0, < 3)
    rake (12.3.0)
    rspec (3.7.0)
      rspec-core (~> 3.7.0)
      rspec-expectations (~> 3.7.0)
      rspec-mocks (~> 3.7.0)
    rspec-core (3.7.1)
      rspec-support (~> 3.7.0)
    rspec-expectations (3.7.0)
      diff-lcs (>= 1.2.0, < 2.0)
      rspec-support (~> 3.7.0)
    rspec-instafail (1.0.0)
      rspec
    rspec-mocks (3.7.0)
      diff-lcs (>= 1.2.0, < 2.0)
      rspec-support (~> 3.7.0)
    rspec-retry (0.5.6)
      rspec-core (> 3.3, < 3.8)
    rspec-support (3.7.1)
    semi_semantic (1.2.0)
    stomp (1.4.4)
    xpath (2.1.0)
      nokogiri (~> 1.3)

PLATFORMS
  ruby

DEPENDENCIES
  bosh-template
  bunny
  capybara-webkit (~> 1.11.0)
  httparty
  mqtt
  papertrail
  pry-byebug
  rabbitmq_http_api_client
  rake
  rspec (~> 3.3)
  rspec-instafail
  rspec-retry
  stomp

BUNDLED WITH
   1.16.1
