GEM
  remote: https://rubygems.org/
  specs:
    addressable (2.5.2)
      public_suffix (>= 2.0.2, < 4.0)
    amq-protocol (2.2.0)
    ansi (1.5.0)
    aws-sdk-core (2.2.0)
      jmespath (~> 1.0)
    aws-sdk-resources (2.2.0)
      aws-sdk-core (= 2.2.0)
    blobstore_client (1.3262.24.0)
      aws-sdk-resources (= 2.2.0)
      bosh_common (~> 1.3262.24.0)
      httpclient (= 2.7.1)
      multi_json (~> 1.1)
    bosh-template (1.3262.24.0)
      semi_semantic (~> 1.2.0)
    bosh_cli (1.3262.26.0)
      blobstore_client (~> 1.3262.24.0)
      bosh-template (~> 1.3262.24.0)
      bosh_common (~> 1.3262.24.0)
      cf-uaa-lib (~> 3.2.1)
      highline (~> 1.6.2)
      httpclient (= 2.7.1)
      json_pure (~> 1.7)
      minitar (~> 0.5.4)
      net-scp (~> 1.1.0)
      net-ssh (= 2.9.2)
      net-ssh-gateway (~> 1.2.0)
      netaddr (~> 1.5.0)
      progressbar (~> 0.9.0)
      sshkey (~> 1.7.0)
      terminal-table (~> 1.4.3)
    bosh_common (1.3262.24.0)
      logging (~> 1.8.2)
      semi_semantic (~> 1.2.0)
    builder (3.2.3)
    bunny (2.8.0)
      amq-protocol (>= 2.2.0)
    byebug (9.1.0)
    capybara (2.7.1)
      addressable
      mime-types (>= 1.16)
      nokogiri (>= 1.3.3)
      rack (>= 1.0.0)
      rack-test (>= 0.5.4)
      xpath (~> 2.0)
    capybara-webkit (1.11.1)
      capybara (>= 2.3.0, < 2.8.0)
      json
    cf-uaa-lib (3.2.5)
      multi_json
    chronic (0.10.2)
    ci_reporter (2.0.0)
      builder (>= 2.1.2)
    cliver (0.3.2)
    coderay (1.1.2)
    diff-lcs (1.3)
    effin_utf8 (1.0)
    faraday (0.13.1)
      multipart-post (>= 1.2, < 3)
    faraday_middleware (0.12.2)
      faraday (>= 0.7.4, < 1.0)
    hashie (3.5.7)
    highline (1.6.21)
    httmultiparty (0.3.16)
      httparty (>= 0.7.3)
      mimemagic
      multipart-post
    httparty (0.15.6)
      multi_xml (>= 0.5.2)
    httpclient (2.7.1)
    hula (0.8.11)
    jmespath (1.3.1)
    json (2.1.0)
    json_pure (1.8.6)
    little-plugger (1.1.4)
    logging (1.8.2)
      little-plugger (>= 1.1.3)
      multi_json (>= 1.8.4)
    method_source (0.9.0)
    mime-types (3.1)
      mime-types-data (~> 3.2015)
    mime-types-data (3.2016.0521)
    mimemagic (0.3.2)
    mini_portile2 (2.3.0)
    minitar (0.5.4)
    mqtt (0.5.0)
    multi_json (1.12.2)
    multi_xml (0.6.0)
    multipart-post (2.0.0)
    net-scp (1.1.2)
      net-ssh (>= 2.6.5)
    net-ssh (2.9.2)
    net-ssh-gateway (1.2.0)
      net-ssh (>= 2.6.5)
    netaddr (1.5.1)
    nokogiri (1.8.1)
      mini_portile2 (~> 2.3.0)
    opsmanager_client (0.8.5)
      httmultiparty (~> 0.3)
    papertrail (0.10.4)
      ansi (~> 1.5)
      chronic (~> 0.10)
    poltergeist (1.17.0)
      capybara (~> 2.1)
      cliver (~> 0.3.1)
      websocket-driver (>= 0.2.0)
    prof (0.30.9)
      bosh_cli
      capybara
      capybara-webkit
      cf-uaa-lib (~> 3.2.0)
      ci_reporter
      faraday
      faraday_middleware
      httmultiparty
      hula (~> 0.8.3)
      net-ssh-gateway
      nokogiri
      opsmanager_client (~> 0.8.5)
      poltergeist
      rspec (~> 3.3)
      rspec_junit_formatter
      rubyzip (~> 1.1)
    progressbar (0.9.2)
    pry (0.11.3)
      coderay (~> 1.1.0)
      method_source (~> 0.9.0)
    pry-byebug (3.5.1)
      byebug (~> 9.1)
      pry (~> 0.10)
    public_suffix (3.0.1)
    rabbitmq_http_api_client (1.9.1)
      effin_utf8 (~> 1.0.0)
      faraday (~> 0.13.0)
      faraday_middleware (~> 0.12.0)
      hashie (~> 3.5)
      multi_json (~> 1.12)
    rack (2.0.3)
    rack-test (0.8.2)
      rack (>= 1.0, < 3)
    rake (12.3.0)
    rspec (3.7.0)
      rspec-core (~> 3.7.0)
      rspec-expectations (~> 3.7.0)
      rspec-mocks (~> 3.7.0)
    rspec-core (3.7.0)
      rspec-support (~> 3.7.0)
    rspec-expectations (3.7.0)
      diff-lcs (>= 1.2.0, < 2.0)
      rspec-support (~> 3.7.0)
    rspec-instafail (1.0.0)
      rspec
    rspec-mocks (3.7.0)
      diff-lcs (>= 1.2.0, < 2.0)
      rspec-support (~> 3.7.0)
    rspec-retry (0.5.6)
      rspec-core (> 3.3, < 3.8)
    rspec-support (3.7.0)
    rspec_junit_formatter (0.3.0)
      rspec-core (>= 2, < 4, != 2.12.0)
    rubyzip (1.2.1)
    semi_semantic (1.2.0)
    sshkey (1.7.0)
    stomp (1.4.4)
    terminal-table (1.4.5)
    websocket-driver (0.7.0)
      websocket-extensions (>= 0.1.0)
    websocket-extensions (0.1.3)
    xpath (2.1.0)
      nokogiri (~> 1.3)

PLATFORMS
  ruby

DEPENDENCIES
  bosh-template
  bosh_cli (= 1.3262.26.0)
  bunny
  capybara-webkit (~> 1.11.0)
  httparty
  hula
  mqtt
  papertrail
  prof
  pry-byebug
  rabbitmq_http_api_client
  rake
  rspec (~> 3.3)
  rspec-instafail
  rspec-retry
  stomp

BUNDLED WITH
   1.16.0
